GEM
  remote: https://rubygems.org/
  specs:
    chunky_png (1.2.8)
    daemons (1.1.9)
    fractals (1.2.2)
      chunky_png (>= 0.6.0)
    rack (1.5.2)
    rack-protection (1.5.0)
      rack
    sinatra (1.4.3)
      rack (~> 1.4)
      rack-protection (~> 1.4)
      tilt (~> 1.3, >= 1.3.4)
    tilt (1.4.1)

PLATFORMS
  ruby

DEPENDENCIES
  daemons
  fractals
  sinatra
